GEM
  remote: http://rubygems.org/
  specs:
    ansi (1.4.3)
    builder (3.2.2)
    coderay (1.1.0)
    columnize (0.8.9)
    debugger (1.6.8)
      columnize (>= 0.3.1)
      debugger-linecache (~> 1.2.0)
      debugger-ruby_core_source (~> 1.3.5)
    debugger-linecache (1.2.0)
    debugger-ruby_core_source (1.3.5)
    docile (1.1.5)
    hashr (0.0.22)
    hoe (3.12.0)
      rake (>= 0.8, < 11.0)
    hoe-travis (1.2)
      hoe (~> 3.0)
      travis-lint (~> 1.2)
    hpricot (0.8.6)
    mail (2.6.1)
      mime-types (>= 1.16, < 3)
    method_source (0.8.2)
    mime-types (2.3)
    minitest (5.3.5)
    minitest-reporters (1.0.4)
      ansi
      builder
      minitest (>= 5.0)
      ruby-progressbar
    multi_json (1.10.1)
    pry (0.9.12.6)
      coderay (~> 1.0)
      method_source (~> 0.8)
      slop (~> 3.4)
    pry-debugger (0.2.2)
      debugger (~> 1.3)
      pry (~> 0.9.10)
    racc (1.4.11)
    rake (10.3.2)
    ruby-progressbar (1.5.1)
    safe_yaml (0.9.7)
    simplecov (0.8.2)
      docile (~> 1.1.0)
      multi_json
      simplecov-html (~> 0.8.0)
    simplecov-html (0.8.0)
    slop (3.5.0)
    test-unit (2.5.5)
    travis-lint (1.8.0)
      hashr (~> 0.0.22)
      safe_yaml (~> 0.9.0)

PLATFORMS
  ruby

DEPENDENCIES
  hoe
  hoe-travis
  hpricot
  mail (>= 2.2.7)
  minitest
  minitest-reporters
  pry
  pry-debugger
  racc
  rake
  simplecov
  test-unit
  travis-lint
